GEM
  remote: http://rubygems.org/
  specs:
    bootstrap-sass (3.1.1.0)
      sass (~> 3.2)
    chunky_png (1.3.0)
    coderay (1.1.0)
    compass (0.12.3)
      chunky_png (~> 1.2)
      fssm (>= 0.2.7)
      sass (= 3.2.14)
    daemons (1.1.9)
    eventmachine (1.0.3)
    fssm (0.2.10)
    haml (4.0.5)
      tilt
    json (1.8.1)
    rack (1.5.2)
    rack-protection (1.5.2)
      rack
    rcap (2.5.0)
      json (>= 1.5.1)
      uuidtools (>= 2.1.2)
    sass (3.2.14)
    sinatra (1.4.4)
      rack (~> 1.4)
      rack-protection (~> 1.4)
      tilt (~> 1.3, >= 1.3.4)
    thin (1.6.2)
      daemons (>= 1.0.9)
      eventmachine (>= 1.0.0)
      rack (>= 1.0.0)
    tilt (1.4.1)
    uuidtools (2.1.5)

PLATFORMS
  ruby

DEPENDENCIES
  bootstrap-sass
  coderay
  compass
  haml
  rcap
  sinatra
  thin
