GEM
  remote: http://rubygems.org/
  specs:
    assistance (0.1.5)
    bootstrap-sass (2.0.3.1)
    chunky_png (1.2.5)
    coderay (1.0.6)
    compass (0.12.1)
      chunky_png (~> 1.2)
      fssm (>= 0.2.7)
      sass (~> 3.1)
    fssm (0.2.9)
    haml (3.1.6)
    json (1.7.3)
    rack (1.4.1)
    rack-protection (1.2.0)
      rack
    rcap (1.3.0)
      assistance (>= 0.1.5)
      json (>= 1.5.1)
      uuidtools (>= 2.1.2)
    sass (3.1.19)
    sinatra (1.3.2)
      rack (>= 1.3.6, ~> 1.3)
      rack-protection (~> 1.2)
      tilt (>= 1.3.3, ~> 1.3)
    tilt (1.3.3)
    uuidtools (2.1.2)

PLATFORMS
  ruby

DEPENDENCIES
  bootstrap-sass
  coderay
  compass
  haml
  rcap (= 1.3.0)
  sinatra
