GEM
  remote: http://rubygems.org/
  specs:
    assistance (0.1.5)
    bootstrap-sass (2.2.2.0)
      sass (~> 3.2)
    chunky_png (1.2.7)
    coderay (1.0.8)
    compass (0.12.2)
      chunky_png (~> 1.2)
      fssm (>= 0.2.7)
      sass (~> 3.1)
    fssm (0.2.10)
    haml (3.1.7)
    json (1.7.7)
    rack (1.5.2)
    rack-protection (1.3.2)
      rack
    rcap (2.2.0)
      assistance (>= 0.1.5)
      json (>= 1.5.1)
      uuidtools (>= 2.1.2)
    sass (3.2.5)
    sinatra (1.3.4)
      rack (~> 1.4)
      rack-protection (~> 1.3)
      tilt (~> 1.3, >= 1.3.3)
    tilt (1.3.3)
    uuidtools (2.1.3)

PLATFORMS
  ruby

DEPENDENCIES
  bootstrap-sass
  coderay
  compass
  haml
  rcap
  sinatra
