GEM
  remote: http://rubygems.org/
  specs:
    assistance (0.1.5)
    bootstrap-sass (2.0.1)
    chunky_png (1.2.5)
    coderay (1.0.4)
    compass (0.11.7)
      chunky_png (~> 1.2)
      fssm (>= 0.2.7)
      sass (~> 3.1)
    fssm (0.2.8.1)
    haml (3.1.4)
    json (1.6.3)
    rack (1.3.5)
    rack-protection (1.1.4)
      rack
    rcap (1.3.0)
      assistance (>= 0.1.5)
      json (>= 1.5.1)
      uuidtools (>= 2.1.2)
    sass (3.1.12)
    sinatra (1.3.1)
      rack (~> 1.3, >= 1.3.4)
      rack-protection (~> 1.1, >= 1.1.2)
      tilt (~> 1.3, >= 1.3.3)
    tilt (1.3.3)
    uuidtools (2.1.2)

PLATFORMS
  ruby

DEPENDENCIES
  bootstrap-sass
  coderay
  compass
  haml
  rcap (= 1.3.0)
  sinatra
