GEM
  remote: http://rubygems.org/
  specs:
    assistance (0.1.5)
    coderay (1.0.4)
    haml (3.1.4)
    json (1.6.3)
    mime-types (1.17.2)
    rack (1.3.5)
    rack-protection (1.1.4)
      rack
    rcap (1.3.0)
      assistance (>= 0.1.5)
      json (>= 1.5.1)
      uuidtools (>= 2.1.2)
    sinatra (1.3.1)
      rack (~> 1.3, >= 1.3.4)
      rack-protection (~> 1.1, >= 1.1.2)
      tilt (~> 1.3, >= 1.3.3)
    tilt (1.3.3)
    uuidtools (2.1.2)

PLATFORMS
  ruby

DEPENDENCIES
  coderay
  haml
  mime-types
  rcap (= 1.3.0)
  sinatra
